GEM
  remote: https://rubygems.org/
  specs:
    childprocess (1.0.1)
      rake (< 13.0)
    concurrent-ruby (1.1.5)
    faker (1.9.6)
      i18n (>= 0.7)
    i18n (1.6.0)
      concurrent-ruby (~> 1.0)
    rack (2.0.7)
    rake (12.3.2)
    regexp_parser (1.6.0)
    ruby-ole (1.2.12.2)
    rubyzip (1.2.3)
    selenium-webdriver (3.142.3)
      childprocess (>= 0.5, < 2.0)
      rubyzip (~> 1.2, >= 1.2.2)
    spreadsheet (1.2.4)
      ruby-ole (>= 1.0)
    watir (6.16.5)
      regexp_parser (~> 1.2)
      selenium-webdriver (~> 3.6)

PLATFORMS
  ruby

DEPENDENCIES
  faker
  rack
  spreadsheet
  watir

BUNDLED WITH
   1.17.1
